GEM
  remote: https://rubygems.org/
  specs:
    asciidoctor (2.0.17)

PLATFORMS
  universal-darwin-23
  x86_64-linux

DEPENDENCIES
  asciidoctor (~> 2.0, >= 2.0.17)

BUNDLED WITH
   2.3.7
